PATH
  remote: ..
  specs:
    opal_chart (0.1.0)
      opal
      opal-jquery

GEM
  remote: https://rubygems.org/
  specs:
    ast (2.4.0)
    hike (1.2.3)
    opal (0.11.4)
      ast (>= 2.3.0)
      hike (~> 1.2)
      parser (= 2.3.3.1)
      sourcemap (~> 0.1.0)
    opal-jquery (0.4.3)
      opal (>= 0.10.0, < 0.12.0)
    parser (2.3.3.1)
      ast (~> 2.2)
    sourcemap (0.1.1)

PLATFORMS
  ruby

DEPENDENCIES
  opal
  opal-jquery
  opal_chart!

BUNDLED WITH
   2.0.1
